GIT
  remote: git://github.com/datamapper/dm-aggregates.git
  revision: 68a6f29ab3c663a58eec2b5943e2ce538a9a4a2f
  specs:
    dm-aggregates (1.3.0.beta)
      dm-core (~> 1.3.0.beta)

GIT
  remote: git://github.com/datamapper/dm-core.git
  revision: efa363cd9bf11bea6c06b7beb3214d83f1950f05
  specs:
    dm-core (1.3.0.beta)
      addressable (~> 2.2.6)
      virtus (~> 0.5)

GIT
  remote: git://github.com/datamapper/dm-do-adapter
  revision: 5b13be7b63b8ff2869fdb8bdbbc68470bead9993
  specs:
    dm-do-adapter (1.3.0.beta)
      data_objects (~> 0.10.6)
      dm-core (~> 1.3.0.beta)

GIT
  remote: git://github.com/datamapper/dm-migrations.git
  revision: 8bfcec08286a12ceee1bc3e5a01da3b5b7d4a74d
  specs:
    dm-migrations (1.3.0.beta)
      dm-core (~> 1.3.0.beta)

GIT
  remote: git://github.com/datamapper/dm-postgres-adapter.git
  revision: c76fb44804a352540f6e435c38e396650eca2ace
  specs:
    dm-postgres-adapter (1.3.0.beta)
      dm-do-adapter (~> 1.3.0.beta)
      do_postgres (~> 0.10.6)

GIT
  remote: git://github.com/datamapper/dm-serializer.git
  revision: 1a61a91cba84861958e0ddd27bfa19bc5364c7aa
  specs:
    dm-serializer (1.3.0.beta)
      dm-core (~> 1.3.0.beta)
      fastercsv (~> 1.5.4)
      multi_json (~> 1.3.2)

GIT
  remote: git://github.com/datamapper/dm-sqlite-adapter
  revision: 641cb9bfd761263385097ca9cef8c070f801b3d1
  specs:
    dm-sqlite-adapter (1.3.0.beta)
      dm-do-adapter (~> 1.3.0.beta)
      do_sqlite3 (~> 0.10.6)

GIT
  remote: git://github.com/datamapper/dm-timestamps.git
  revision: 70b58b365a29a26af62fc580be6c57b97c2770ca
  specs:
    dm-timestamps (1.3.0.beta)
      dm-core (~> 1.3.0.beta)

GIT
  remote: git://github.com/datamapper/dm-transactions.git
  revision: 0f00dd41a593ea06347c815fedd297b58c5d5d99
  specs:
    dm-transactions (1.3.0.beta)
      dm-core (~> 1.3.0.beta)

GIT
  remote: git://github.com/datamapper/dm-types.git
  revision: 8460ef3d3bd24593a4c8269d62b612feb69f847c
  specs:
    dm-types (1.3.0.beta)
      bcrypt-ruby (~> 3.0.0)
      dm-core (~> 1.3.0.beta)
      fastercsv (~> 1.5.4)
      multi_json (~> 1.3.2)
      stringex (~> 1.4)
      uuidtools (~> 2.1.2)

GIT
  remote: git://github.com/datamapper/dm-validations.git
  revision: 6da3c28c79c68125cc37c9994f106350570b88e3
  specs:
    dm-validations (1.3.0.beta)
      dm-core (~> 1.3.0.beta)

GEM
  remote: http://rubygems.org/
  specs:
    activesupport (3.2.14)
      i18n (~> 0.6, >= 0.6.4)
      multi_json (~> 1.0)
    addressable (2.2.8)
    attr_required (0.0.5)
    backports (3.3.3)
    bcrypt-ruby (3.0.1)
    blurrily (0.2.1)
      activesupport
      eventmachine
      json
    daemons (1.1.9)
    data_objects (0.10.13)
      addressable (~> 2.1)
    descendants_tracker (0.0.1)
    do_postgres (0.10.13)
      data_objects (= 0.10.13)
    do_sqlite3 (0.10.13)
      data_objects (= 0.10.13)
    domain_name (0.5.12)
      unf (>= 0.0.5, < 1.0.0)
    eventmachine (1.0.3)
    faraday (0.8.8)
      multipart-post (~> 1.2.0)
    fastercsv (1.5.5)
    fb_graph (2.7.7)
      httpclient (>= 2.2.0.2)
      multi_json (>= 1.3)
      rack-oauth2 (>= 0.14.4)
      tzinfo
    gibberish (1.2.2)
    hashie (2.0.5)
    http-cookie (1.0.1)
      domain_name (~> 0.5)
    httpauth (0.2.0)
    httpclient (2.3.4.1)
    i18n (0.6.4)
    json (1.8.0)
    jwt (0.1.6)
      multi_json (>= 1.0)
    mechanize (2.7.1)
      domain_name (~> 0.5, >= 0.5.1)
      http-cookie (~> 1.0.0)
      mime-types (~> 1.17, >= 1.17.2)
      net-http-digest_auth (~> 1.1, >= 1.1.1)
      net-http-persistent (~> 2.5, >= 2.5.2)
      nokogiri (~> 1.4)
      ntlm-http (~> 0.1, >= 0.1.1)
      webrobots (>= 0.0.9, < 0.2)
    mime-types (1.23)
    mini_portile (0.5.1)
    multi_json (1.3.7)
    multipart-post (1.2.0)
    net-http-digest_auth (1.4)
    net-http-persistent (2.9)
    newrelic_rpm (3.6.5.130)
    nokogiri (1.6.0)
      mini_portile (~> 0.5.0)
    ntlm-http (0.1.1)
    oauth2 (0.8.1)
      faraday (~> 0.8)
      httpauth (~> 0.1)
      jwt (~> 0.1.4)
      multi_json (~> 1.0)
      rack (~> 1.2)
    omniauth (1.1.4)
      hashie (>= 1.2, < 3)
      rack
    omniauth-facebook (1.4.1)
      omniauth-oauth2 (~> 1.1.0)
    omniauth-gplus (1.2.0)
      omniauth-oauth2 (~> 1.1)
    omniauth-oauth2 (1.1.1)
      oauth2 (~> 0.8.0)
      omniauth (~> 1.0)
    pg (0.16.0)
    rack (1.5.2)
    rack-oauth2 (1.0.5)
      activesupport (>= 2.3)
      attr_required (>= 0.0.5)
      httpclient (>= 2.2.0.2)
      multi_json (>= 1.3.6)
      rack (>= 1.1)
    rack-protection (1.5.0)
      rack
    redis (3.0.4)
    sinatra (1.4.3)
      rack (~> 1.4)
      rack-protection (~> 1.4)
      tilt (~> 1.3, >= 1.3.4)
    sinatra-partial (0.4.0)
      sinatra
    sqlite3 (1.3.7)
    stringex (1.5.1)
    thin (1.5.1)
      daemons (>= 1.0.9)
      eventmachine (>= 0.12.6)
      rack (>= 1.0.0)
    tilt (1.4.1)
    tzinfo (1.0.1)
    unf (0.1.1)
      unf_ext
    unf_ext (0.0.6)
    uuidtools (2.1.4)
    virtus (0.5.5)
      backports (~> 3.3)
      descendants_tracker (~> 0.0.1)
    webrobots (0.1.1)

PLATFORMS
  ruby

DEPENDENCIES
  blurrily
  dm-aggregates!
  dm-core!
  dm-do-adapter!
  dm-migrations!
  dm-postgres-adapter!
  dm-serializer!
  dm-sqlite-adapter!
  dm-timestamps!
  dm-transactions!
  dm-types!
  dm-validations!
  fb_graph
  gibberish
  mechanize
  newrelic_rpm
  nokogiri
  omniauth
  omniauth-facebook
  omniauth-gplus
  pg
  redis
  sinatra
  sinatra-partial
  sqlite3
  thin
